GIT
  remote: https://github.com/marcinruszkiewicz/rah_bme280
  revision: a9a2791d999d3698817c5985e2718137386ee7b9
  specs:
    rah_bme280 (0.2)

GIT
  remote: https://github.com/marcinruszkiewicz/rah_tasmota_basic
  revision: 358c094d38e3479c80cb0295634d7d66d55bb37a
  specs:
    rah_tasmota_basic (0.1.4)

GEM
  remote: https://rubygems.org/
  specs:
    bindata (2.4.4)
    coderay (1.1.2)
    dnssd (3.0.1)
    facets (3.1.0)
    ffi (1.11.3)
    hkdf (0.3.0)
    method_source (0.9.2)
    mustermann (1.0.3)
    oj (3.9.2)
    pry (0.12.2)
      coderay (~> 1.1.0)
      method_source (~> 0.9.0)
    rack (2.2.3)
    rack-protection (2.0.7)
      rack
    rbnacl (7.1.0)
      ffi
    ruby_home (0.2.3)
      bindata (~> 2.4, >= 2.4.3)
      dnssd (~> 3.0)
      facets (~> 3.1)
      hkdf (~> 0.3.0)
      oj (= 3.9.2)
      rbnacl (~> 7.0)
      ruby_home-srp (~> 1.3)
      ruby_home-tlv (~> 0.1.0)
      sinatra (= 2.0.7)
      wisper (~> 2.0)
    ruby_home-srp (1.3.0)
      srp-rb (= 1.0.1)
    ruby_home-tlv (0.1.0)
      bindata (~> 2.4, >= 2.4.3)
    sinatra (2.0.7)
      mustermann (~> 1.0)
      rack (~> 2.0)
      rack-protection (= 2.0.7)
      tilt (~> 2.0)
    srp-rb (1.0.1)
    tilt (2.0.10)
    wisper (2.0.1)

PLATFORMS
  ruby

DEPENDENCIES
  pry
  rah_bme280!
  rah_tasmota_basic!
  ruby_home

BUNDLED WITH
   2.1.2
