GIT
  remote: https://github.com/marcinruszkiewicz/i2c_drivers
  revision: 51e5c65ed939b8da52d1d973f0d116fbc6862514
  specs:
    i2c_drivers (0.1.3)

GEM
  remote: https://rubygems.org/
  specs:
    bindata (2.4.4)
    coderay (1.1.2)
    dnssd (3.0.1)
    facets (3.1.0)
    ffi (1.11.1)
    hkdf (0.3.0)
    method_source (0.9.2)
    mustermann (1.0.3)
    oj (3.7.12)
    pry (0.12.2)
      coderay (~> 1.1.0)
      method_source (~> 0.9.0)
    rack (2.0.7)
    rack-protection (2.0.5)
      rack
    rbnacl (6.0.1)
      ffi
    ruby-prof (0.18.0)
    ruby_home (0.2.1)
      bindata (~> 2.4, >= 2.4.3)
      dnssd (~> 3.0)
      facets (~> 3.1)
      hkdf (~> 0.3.0)
      oj (= 3.7.12)
      rbnacl (~> 6.0)
      ruby_home-srp (~> 1.3)
      ruby_home-tlv (~> 0.1.0)
      sinatra (= 2.0.5)
      wisper (~> 2.0)
    ruby_home-srp (1.3.0)
      srp-rb (= 1.0.1)
    ruby_home-tlv (0.1.0)
      bindata (~> 2.4, >= 2.4.3)
    sinatra (2.0.5)
      mustermann (~> 1.0)
      rack (~> 2.0)
      rack-protection (= 2.0.5)
      tilt (~> 2.0)
    srp-rb (1.0.1)
    tilt (2.0.9)
    wisper (2.0.0)

PLATFORMS
  ruby

DEPENDENCIES
  i2c_drivers!
  pry
  ruby-prof
  ruby_home

BUNDLED WITH
   2.0.1
