GIT
  remote: https://github.com/marcinruszkiewicz/i2c_drivers
  revision: 0929204a747ee8f4ce963e8021ae68c65d8991ad
  specs:
    i2c_drivers (0.1.2)

GEM
  remote: https://rubygems.org/
  specs:
    coderay (1.1.2)
    method_source (0.9.2)
    pry (0.12.2)
      coderay (~> 1.1.0)
      method_source (~> 0.9.0)

PLATFORMS
  ruby

DEPENDENCIES
  i2c_drivers!
  pry

BUNDLED WITH
   2.0.1
